GEM
  remote: https://rubygems.org/
  specs:
    coderay (1.1.2)
    method_source (0.9.2)
    pry (0.12.2)
      coderay (~> 1.1.0)
      method_source (~> 0.9.0)
    rb-readline (0.5.5)
    stackprof (0.2.12)

PLATFORMS
  ruby

DEPENDENCIES
  pry
  rb-readline
  stackprof

BUNDLED WITH
   1.17.3
